GEM
  remote: https://rubygems.org/
  specs:
    rack (2.0.4)

PLATFORMS
  ruby

DEPENDENCIES
  rack

RUBY VERSION
   ruby 2.3.4p301

BUNDLED WITH
   1.16.1
